GEM
  remote: https://rubygems.org/
  specs:
    mini_portile (0.5.2)
    nokogiri (1.6.1)
      mini_portile (~> 0.5.0)
    terminal-table (1.4.5)

PLATFORMS
  ruby

DEPENDENCIES
  nokogiri
  terminal-table
